PATH
  remote: .
  specs:
    eater_atlas (0.1.5)
      chronic (~> 0.10)
      geocoder (~> 1.4)
      oga (~> 2.10)
      sinatra (~> 2.0)
      sinatra-activerecord (~> 2.0)
      sinatra-contrib (~> 2.0)

GEM
  remote: https://rubygems.org/
  specs:
    activemodel (5.1.1)
      activesupport (= 5.1.1)
    activerecord (5.1.1)
      activemodel (= 5.1.1)
      activesupport (= 5.1.1)
      arel (~> 8.0)
    activesupport (5.1.1)
      concurrent-ruby (~> 1.0, >= 1.0.2)
      i18n (~> 0.7)
      minitest (~> 5.1)
      tzinfo (~> 1.1)
    ansi (1.5.0)
    arel (8.0.0)
    ast (2.3.0)
    backports (3.8.0)
    chronic (0.10.2)
    concurrent-ruby (1.0.5)
    geocoder (1.4.4)
    i18n (0.8.4)
    minitest (5.10.2)
    multi_json (1.12.1)
    mustermann (1.0.0)
    oga (2.10)
      ast
      ruby-ll (~> 2.1)
    rack (2.0.3)
    rack-protection (2.0.0)
      rack
    rake (12.0.0)
    ruby-ll (2.1.2)
      ansi
      ast
    sinatra (2.0.0)
      mustermann (~> 1.0)
      rack (~> 2.0)
      rack-protection (= 2.0.0)
      tilt (~> 2.0)
    sinatra-activerecord (2.0.13)
      activerecord (>= 3.2)
      sinatra (>= 1.0)
    sinatra-contrib (2.0.0)
      backports (>= 2.0)
      multi_json
      mustermann (~> 1.0)
      rack-protection (= 2.0.0)
      sinatra (= 2.0.0)
      tilt (>= 1.3, < 3)
    thread_safe (0.3.6)
    tilt (2.0.7)
    tzinfo (1.2.3)
      thread_safe (~> 0.1)

PLATFORMS
  ruby

DEPENDENCIES
  bundler (~> 1.15)
  eater_atlas!
  rake (~> 12.0)

RUBY VERSION
   ruby 2.4.0p0

BUNDLED WITH
   1.15.1
